GEM
  remote: https://rubygems.org/
  specs:
    CFPropertyList (2.2.8)
    activemodel (4.1.8)
      activesupport (= 4.1.8)
      builder (~> 3.1)
    activesupport (4.1.8)
      i18n (~> 0.6, >= 0.6.9)
      json (~> 1.7, >= 1.7.7)
      minitest (~> 5.1)
      thread_safe (~> 0.1)
      tzinfo (~> 1.1)
    builder (3.2.2)
    coderay (1.1.0)
    deep_merge (1.0.1)
    facter (2.3.0)
      CFPropertyList (~> 2.2.6)
    faraday (0.9.0)
      multipart-post (>= 1.2, < 3)
    gpgme (2.0.7)
      mini_portile (>= 0.5.0, <= 0.6.0)
    her (0.7.2)
      activemodel (>= 3.0.0, < 4.2)
      activesupport (>= 3.0.0, < 4.2)
      faraday (>= 0.8, < 1.0)
      multi_json (~> 1.7)
    hiera (1.3.4)
      json_pure
    hiera-eyaml (2.0.4)
      highline (>= 1.6.19)
      trollop (>= 2.0)
    hiera-eyaml-gpg (0.4)
      gpgme (>= 2.0.0)
      hiera-eyaml (>= 1.3.8)
    hiera-eyaml-plaintext (0.6)
    highline (1.6.21)
    i18n (0.6.11)
    json (1.8.1)
    json_pure (1.8.1)
    librarian (0.1.2)
      highline
      thor (~> 0.15)
    librarian-puppet (2.0.1)
      librarian (>= 0.1.2)
      puppet_forge
      rsync
    method_source (0.8.2)
    mini_portile (0.6.0)
    minitest (5.4.3)
    multi_json (1.10.1)
    multipart-post (2.0.0)
    pry (0.10.1)
      coderay (~> 1.1.0)
      method_source (~> 0.8.1)
      slop (~> 3.4)
    puppet (3.7.3)
      facter (> 1.6, < 3)
      hiera (~> 1.0)
      json_pure
    puppet_forge (1.0.3)
      her (~> 0.6)
    rake (10.4.2)
    rsync (1.0.9)
    slop (3.6.0)
    thor (0.19.1)
    thread_safe (0.3.4)
    trollop (2.0)
    tzinfo (1.2.2)
      thread_safe (~> 0.1)
    vagrant-wrapper (1.2.1.1)

PLATFORMS
  ruby

DEPENDENCIES
  deep_merge
  hiera-eyaml
  hiera-eyaml-gpg
  hiera-eyaml-plaintext
  librarian-puppet
  pry
  puppet
  rake
  vagrant-wrapper
